GEM
  remote: http://rubygems.org/
  specs:
    activesupport (3.2.13)
      i18n (= 0.6.1)
      multi_json (~> 1.0)
    git (1.2.5)
    httparty (0.10.2)
      multi_json (~> 1.0)
      multi_xml (>= 0.5.2)
    i18n (0.6.1)
    jeweler (1.8.4)
      bundler (~> 1.0)
      git (>= 1.2.5)
      rake
      rdoc
    json (1.7.7)
    multi_json (1.7.2)
    multi_xml (0.5.3)
    rake (10.0.4)
    rdoc (3.12.2)
      json (~> 1.4)

PLATFORMS
  ruby

DEPENDENCIES
  activesupport (~> 3.2.13)
  bundler (~> 1.3.0)
  httparty (~> 0.10.2)
  jeweler (~> 1.8.4)
  rdoc (~> 3.12)
